GEM
  remote: https://rubygems.org/
  specs:
    grackle (0.2.1)
      json
      mime-types
      oauth
    json (1.7.7)
    mime-types (1.21)
    oauth (0.4.7)

PLATFORMS
  ruby

DEPENDENCIES
  grackle
