GEM
  remote: https://rubygems.org/
  specs:
    grackle (0.3.0)
      json
      mime-types
      oauth
    json (1.8.0)
    mime-types (1.23)
    mini_portile (0.5.1)
    nokogiri (1.6.0)
      mini_portile (~> 0.5.0)
    oauth (0.4.7)

PLATFORMS
  ruby

DEPENDENCIES
  grackle
  nokogiri
