GEM
  remote: https://rubygems.org/
  specs:
    grackle (0.3.0)
      json
      mime-types
      oauth
    json (2.1.0)
    mime-types (3.1)
      mime-types-data (~> 3.2015)
    mime-types-data (3.2016.0521)
    mini_portile2 (2.2.0)
    mysql2 (0.4.6)
    nokogiri (1.8.0)
      mini_portile2 (~> 2.2.0)
    oauth (0.5.3)

PLATFORMS
  ruby

DEPENDENCIES
  grackle
  mysql2
  nokogiri

BUNDLED WITH
   1.15.1
