GEM
  remote: https://rubygems.org/
  specs:
    grackle (0.3.0)
      json
      mime-types
      oauth
    json (1.8.1)
    mime-types (2.0)
    mini_portile (0.5.2)
    nokogiri (1.6.1)
      mini_portile (~> 0.5.0)
    oauth (0.4.7)

PLATFORMS
  ruby

DEPENDENCIES
  grackle
  nokogiri
